GEM
  remote: https://rubygems.org/
  specs:
    addressable (2.3.8)
    archive-zip (0.12.0)
      io-like (~> 0.3.0)
    ast (2.4.0)
    awesome_print (1.8.0)
    backport (1.1.2)
    benchmark (0.2.0)
    bond (0.5.1)
    capybara (3.37.1)
      addressable
      matrix
      mini_mime (>= 0.1.3)
      nokogiri (~> 1.8)
      rack (>= 1.6.0)
      rack-test (>= 0.6.3)
      regexp_parser (>= 1.5, < 3.0)
      xpath (~> 3.2)
    capybara-screenshot (1.0.23)
      capybara (>= 1.0, < 4)
      launchy
    childprocess (2.0.0)
      rake (< 13.0)
    chromedriver-helper (2.1.1)
      archive-zip (~> 0.10)
      nokogiri (~> 1.8)
    chunky_png (1.3.11)
    concurrent-ruby (1.1.10)
    czmq-ffi-gen (1.0.0)
      ffi (~> 1.11)
    cztop (1.0.0)
      czmq-ffi-gen (~> 1.0)
    data_uri (0.1.0)
    dotenv (2.7.5)
    e2mmap (0.1.0)
    faker (2.4.0)
      i18n (~> 1.6.0)
    ffi (1.15.5)
    i18n (1.6.0)
      concurrent-ruby (~> 1.0)
    io-like (0.3.1)
    iruby (0.4.0)
      bond (~> 0.5)
      data_uri (~> 0.1)
      mimemagic (~> 0.3)
      multi_json (~> 1.11)
    jaro_winkler (1.5.3)
    json (1.8.6)
    launchy (2.4.3)
      addressable (~> 2.3)
    maruku (0.7.3)
    matrix (0.4.2)
    mime-types (1.25.1)
    mimemagic (0.3.3)
    mini_mime (1.0.2)
    mini_portile2 (2.8.0)
    multi_json (1.13.1)
    nokogiri (1.13.9)
      mini_portile2 (~> 2.8.0)
      racc (~> 1.4)
    parallel (1.22.1)
    parser (2.7.1.3)
      ast (~> 2.4.0)
    racc (1.6.0)
    rack (2.2.4)
    rack-test (1.1.0)
      rack (>= 1.0, < 3)
    rainbow (3.0.0)
    rake (12.3.3)
    regexp_parser (2.6.0)
    rest-client (1.6.14)
      mime-types (~> 1.16)
    reverse_markdown (1.3.0)
      nokogiri
    rexml (3.2.5)
    rubocop (0.89.0)
      parallel (~> 1.10)
      parser (>= 2.7.1.1)
      rainbow (>= 2.2.2, < 4.0)
      regexp_parser (>= 1.7)
      rexml
      rubocop-ast (>= 0.1.0, < 1.0)
      ruby-progressbar (~> 1.7)
      unicode-display_width (>= 1.4.0, < 2.0)
    rubocop-ast (0.2.0)
      parser (>= 2.7.0.1)
    ruby-progressbar (1.10.1)
    rubyzip (2.3.2)
    selenium-webdriver (4.5.0)
      childprocess (>= 0.5, < 5.0)
      rexml (~> 3.2, >= 3.2.5)
      rubyzip (>= 1.2.2, < 3.0)
      websocket (~> 1.0)
    solargraph (0.38.6)
      backport (~> 1.1)
      benchmark
      bundler (>= 1.17.2)
      e2mmap
      jaro_winkler (~> 1.5)
      maruku (~> 0.7, >= 0.7.3)
      nokogiri (~> 1.9, >= 1.9.1)
      parser (~> 2.3)
      reverse_markdown (~> 1.0, >= 1.0.5)
      rubocop (~> 0.52)
      thor (~> 1.0)
      tilt (~> 2.0)
      yard (~> 0.9)
    thor (1.2.1)
    tilt (2.0.9)
    unicode-display_width (1.6.0)
    unirest (1.0.8)
      addressable
      json
      rest-client
    websocket (1.2.9)
    xpath (3.2.0)
      nokogiri (~> 1.8)
    yard (0.9.20)

PLATFORMS
  ruby

DEPENDENCIES
  awesome_print
  capybara
  capybara-screenshot
  chromedriver-helper
  chunky_png
  concurrent-ruby
  cztop
  dotenv
  faker
  iruby
  nokogiri
  rubocop
  selenium-webdriver
  solargraph
  unirest

BUNDLED WITH
   2.0.2
